GEM
  remote: https://rubygems.org/
  specs:
    rubyzip (1.1.6)
    zip-zip (0.3)
      rubyzip (>= 1.0.0)

PLATFORMS
  ruby

DEPENDENCIES
  rubyzip (>= 1.0.0)
  zip-zip
