GEM
  remote: https://rubygems.org/
  specs:
    psych (2.0.2)
    require_all (1.3.2)
    ruby-ole (1.2.11.7)
    rubyzip (1.1.6)
    spreadsheet (0.6.5.9)
      ruby-ole (>= 1.0)
    zip-zip (0.3)
      rubyzip (>= 1.0.0)

PLATFORMS
  ruby

DEPENDENCIES
  psych
  require_all
  rubyzip (>= 1.0.0)
  spreadsheet
  zip-zip
